GEM
  remote: http://rubygems.org/
  remote: http://gems.neurogami.com/
  specs:
    ast (2.0.0)
    awesome_print (1.2.0)
    builder (3.2.2)
    coderay (1.1.0)
    cucumber (1.3.14)
      builder (>= 2.1.2)
      diff-lcs (>= 1.1.3)
      gherkin (~> 2.12)
      multi_json (>= 1.7.5, < 2.0)
      multi_test (>= 0.1.1)
    diff-lcs (1.2.5)
    docile (1.1.3)
    flay (2.4.0)
      ruby_parser (~> 3.0)
      sexp_processor (~> 4.0)
    flog (4.2.0)
      ruby_parser (~> 3.1, > 3.1.0)
      sexp_processor (~> 4.4)
    fuubar (1.3.2)
      rspec (>= 2.14.0, < 3.1.0)
      ruby-progressbar (~> 1.3)
    gherkin (2.12.2)
      multi_json (~> 1.3)
    gherkin (2.12.2-java)
      multi_json (~> 1.3)
    hoe (3.12.0)
      rake (>= 0.8, < 11.0)
    json (1.8.1)
    json (1.8.1-java)
    monkeybars (1.3.1)
      rawr (>= 1.6.5)
      swingset (>= 0.4.2)
    multi_json (1.9.3)
    multi_test (0.1.1)
    parser (2.1.9)
      ast (>= 1.1, < 3.0)
      slop (~> 3.4, >= 3.4.5)
    powerpack (0.0.9)
    rainbow (2.0.0)
    rake (10.3.1)
    rawr (1.7.0)
      rubyzip
      user-choices
    rspec (3.0.0.beta2)
      rspec-core (= 3.0.0.beta2)
      rspec-expectations (= 3.0.0.beta2)
      rspec-mocks (= 3.0.0.beta2)
    rspec-core (3.0.0.beta2)
      rspec-support (= 3.0.0.beta2)
    rspec-expectations (3.0.0.beta2)
      diff-lcs (>= 1.2.0, < 2.0)
      rspec-support (= 3.0.0.beta2)
    rspec-formatter-webkit (2.3.0)
    rspec-mocks (3.0.0.beta2)
      rspec-support (= 3.0.0.beta2)
    rspec-support (3.0.0.beta2)
    rubocop (0.21.0)
      json (>= 1.7.7, < 2)
      parser (~> 2.1.9)
      powerpack (~> 0.0.6)
      rainbow (>= 1.99.1, < 3.0)
      ruby-progressbar (~> 1.4)
    ruby-progressbar (1.4.2)
    ruby_parser (3.6.0)
      sexp_processor (~> 4.1)
    rubyzip (1.1.3)
    s4t-utils (1.0.4)
      hoe (>= 1.3.0)
    sexp_processor (4.4.3)
    simplecov (0.8.2)
      docile (~> 1.1.0)
      multi_json
      simplecov-html (~> 0.8.0)
    simplecov-html (0.8.0)
    slop (3.5.0)
    swingset (0.4.2)
    syntax (1.2.0)
    user-choices (1.1.6.1)
      builder (>= 2.1.2)
      s4t-utils (>= 1.0.3)
      xml-simple (>= 1.0.11)
    xml-simple (1.1.3)

PLATFORMS
  java

DEPENDENCIES
  awesome_print
  coderay
  cucumber
  flay
  flog
  fuubar
  monkeybars (~> 1.1)
  rake
  rspec (~> 3.0.0.beta)
  rspec-formatter-webkit
  rubocop
  simplecov
  syntax
